GEM
  remote: https://rubygems.org/
  specs:
    diff-lcs (1.5.1)
    json (2.7.2)
    rspec (3.13.0)
      rspec-core (~> 3.13.0)
      rspec-expectations (~> 3.13.0)
      rspec-mocks (~> 3.13.0)
    rspec-core (3.13.0)
      rspec-support (~> 3.13.0)
    rspec-expectations (3.13.0)
      diff-lcs (>= 1.2.0, < 2.0)
      rspec-support (~> 3.13.0)
    rspec-mocks (3.13.0)
      diff-lcs (>= 1.2.0, < 2.0)
      rspec-support (~> 3.13.0)
    rspec-support (3.13.1)

PLATFORMS
  arm64-darwin-23

DEPENDENCIES
  json (~> 2.7, >= 2.7.2)
  rspec (~> 3.5, >= 3.5.0)

BUNDLED WITH
   2.4.10
