GEM
  remote: https://rubygems.org/
  specs:
    json (2.7.2)

PLATFORMS
  arm64-darwin-23

DEPENDENCIES
  json (~> 2.7, >= 2.7.2)

BUNDLED WITH
   2.4.10
